GEM
  remote: http://rubygems.org/
  specs:
    diff-lcs (1.1.2)
    fabrication (1.0.1)
    faker (0.9.5)
      i18n (~> 0.4)
    guard (0.6.2)
      thor (~> 0.14.6)
    guard-rspec (0.4.2)
      guard (>= 0.4.0)
    i18n (0.6.0)
    rb-fsevent (0.4.3.1)
    rspec (2.6.0)
      rspec-core (~> 2.6.0)
      rspec-expectations (~> 2.6.0)
      rspec-mocks (~> 2.6.0)
    rspec-core (2.6.4)
    rspec-expectations (2.6.0)
      diff-lcs (~> 1.1.2)
    rspec-mocks (2.6.0)
    thor (0.14.6)

PLATFORMS
  ruby

DEPENDENCIES
  fabrication
  faker
  guard
  guard-rspec
  rb-fsevent
  rspec
